GIT
  remote: git://github.com/RiotGames/berkshelf.git
  revision: 2d5f667c22bcf17251383bff34c404d2d51327aa
  specs:
    berkshelf (1.4.0.rc1)
      activesupport (>= 3.2.0)
      celluloid (>= 0.13.0)
      chozo (>= 0.6.1)
      faraday (>= 0.8.5)
      hashie (>= 2.0.2)
      json (>= 1.5.0)
      minitar
      mixlib-config (~> 1.1)
      mixlib-shellout (~> 1.1)
      multi_json (~> 1.5)
      retryable
      ridley (~> 0.9.0)
      solve (>= 0.4.2)
      thor (~> 0.18.0)
      yajl-ruby

GIT
  remote: git://github.com/portertech/kitchen-lxc
  revision: fa81773bbc6c53bb02b436c4e5b6f9b02fcedb02
  specs:
    kitchen-lxc (0.0.1.beta1)
      test-kitchen (>= 1.0.0.alpha.0)

GEM
  remote: https://rubygems.org/
  specs:
    activesupport (6.0.3.3)
      concurrent-ruby (~> 1.0, >= 1.0.2)
      i18n (>= 0.7, < 2)
      minitest (~> 5.1)
      tzinfo (~> 1.1)
      zeitwerk (~> 2.2, >= 2.2.2)
    addressable (2.3.3)
    celluloid (0.13.0)
      timers (>= 1.0.0)
    chozo (0.6.1)
      activesupport (>= 3.2.0)
      hashie (>= 2.0.2)
      multi_json (>= 1.3.0)
    coderay (1.0.9)
    concurrent-ruby (1.1.7)
    erubis (2.7.0)
    faraday (0.8.7)
      multipart-post (~> 1.1)
    hashie (2.0.3)
    i18n (1.8.5)
      concurrent-ruby (~> 1.0)
    json (2.3.1)
    kitchen-vagrant (0.6.0)
      test-kitchen (~> 1.0.0.alpha.0)
      vagrant (~> 1.0)
    method_source (0.8.1)
    minitar (0.9)
    minitest (5.14.2)
    mixlib-authentication (1.3.0)
      mixlib-log
    mixlib-config (1.1.2)
    mixlib-log (1.6.0)
    mixlib-shellout (1.1.0)
    molinillo (0.6.6)
    multi_json (1.15.0)
    multipart-post (1.2.0)
    net-http-persistent (2.8)
    net-scp (3.0.0)
      net-ssh (>= 2.6.5, < 7.0.0)
    net-ssh (6.1.0)
    pry (0.9.12)
      coderay (~> 1.0.5)
      method_source (~> 0.8)
      slop (~> 3.4)
    retryable (1.3.2)
    ridley (0.9.0)
      activesupport (>= 3.2.0)
      addressable
      celluloid (~> 0.13.0)
      chozo (>= 0.6.0)
      erubis
      faraday (>= 0.8.4)
      json (>= 1.5.0)
      mixlib-authentication (>= 1.3.0)
      mixlib-config (>= 1.1.0)
      mixlib-log (>= 1.3.0)
      mixlib-shellout (>= 1.1.0)
      multi_json (>= 1.0.4)
      net-http-persistent (>= 2.8)
      net-ssh
      retryable
      solve (>= 0.4.1)
    safe_yaml (0.9.0)
    semverse (3.0.0)
    slop (3.4.4)
    solve (4.0.4)
      molinillo (~> 0.6)
      semverse (>= 1.1, < 4.0)
    test-kitchen (1.0.0.alpha.3)
      celluloid
      mixlib-shellout
      net-scp
      net-ssh
      pry
      safe_yaml
      thor
    thor (0.18.1)
    thread_safe (0.3.6)
    timers (1.1.0)
    tzinfo (1.2.7)
      thread_safe (~> 0.1)
    vagrant (1.5.0)
    yajl-ruby (1.1.0)
    zeitwerk (2.4.0)

PLATFORMS
  ruby

DEPENDENCIES
  berkshelf!
  kitchen-lxc!
  kitchen-vagrant (~> 0.6.0)
  test-kitchen (~> 1.0.0.alpha.0)
